GEM
  remote: https://rubygems.org/
  specs:
    CFPropertyList (2.2.8)
    activemodel (4.1.4)
      activesupport (= 4.1.4)
      builder (~> 3.1)
    activesupport (4.1.4)
      i18n (~> 0.6, >= 0.6.9)
      json (~> 1.7, >= 1.7.7)
      minitest (~> 5.1)
      thread_safe (~> 0.1)
      tzinfo (~> 1.1)
    builder (3.2.2)
    capistrano (3.2.1)
      i18n
      rake (>= 10.0.0)
      sshkit (~> 1.3)
    capistrano-bundler (1.1.3)
      capistrano (~> 3.1)
      sshkit (~> 1.2)
    capistrano-rbenv (2.0.2)
      capistrano (~> 3.1)
      sshkit (~> 1.3)
    capistrano-thin (1.0.0)
      capistrano (~> 3.0)
      thin (~> 1.6)
    colorize (0.7.3)
    daemons (1.1.9)
    eventmachine (1.0.3)
    facter (2.1.0)
      CFPropertyList (~> 2.2.6)
    faraday (0.9.0)
      multipart-post (>= 1.2, < 3)
    her (0.7.2)
      activemodel (>= 3.0.0, < 4.2)
      activesupport (>= 3.0.0, < 4.2)
      faraday (>= 0.8, < 1.0)
      multi_json (~> 1.7)
    hiera (1.3.4)
      json_pure
    highline (1.6.21)
    i18n (0.6.11)
    json (1.8.1)
    json_pure (1.8.1)
    librarian (0.1.2)
      highline
      thor (~> 0.15)
    librarian-puppet (1.3.1)
      librarian (>= 0.1.2)
      puppet_forge
    mini_magick (3.8.0)
      subexec (~> 0.2.1)
    minitest (5.4.0)
    multi_json (1.10.1)
    multipart-post (2.0.0)
    net-scp (1.2.1)
      net-ssh (>= 2.6.5)
    net-ssh (2.9.1)
    puppet (3.6.2)
      facter (> 1.6, < 3)
      hiera (~> 1.0)
      json_pure
      rgen (~> 0.6.5)
    puppet_forge (1.0.3)
      her (~> 0.6)
    rack (1.5.2)
    rack-protection (1.5.3)
      rack
    rake (10.3.2)
    rgen (0.6.6)
    sinatra (1.4.5)
      rack (~> 1.4)
      rack-protection (~> 1.4)
      tilt (~> 1.3, >= 1.3.4)
    sshkit (1.5.1)
      colorize
      net-scp (>= 1.1.2)
      net-ssh (>= 2.8.0)
    subexec (0.2.3)
    thin (1.6.2)
      daemons (>= 1.0.9)
      eventmachine (>= 1.0.0)
      rack (>= 1.0.0)
    thor (0.19.1)
    thread_safe (0.3.4)
    tilt (1.4.1)
    tzinfo (1.2.2)
      thread_safe (~> 0.1)

PLATFORMS
  ruby

DEPENDENCIES
  capistrano
  capistrano-bundler
  capistrano-rbenv
  capistrano-thin
  librarian-puppet
  mini_magick
  puppet
  sinatra
  thin
